GIT
  remote: git://github.com/adamsalter/sitemap_generator.git
  revision: f14116d
  specs:
    sitemap_generator (0.2.2)
    sitemap_generator (0.2.2)

GIT
  remote: git://github.com/durran/mongoid.git
  revision: 97102da
  specs:
    mongoid (2.0.0.beta9)
      activemodel (~> 3.0.0.beta)
      bson (~> 1.0.3)
      mongo (~> 1.0.3)
      tzinfo (~> 0.3.22)
      will_paginate (~> 3.0.pre)
    mongoid (2.0.0.beta9)
      activemodel (~> 3.0.0.beta)
      bson (~> 1.0.3)
      mongo (~> 1.0.3)
      tzinfo (~> 0.3.22)
      will_paginate (~> 3.0.pre)

GIT
  remote: git://github.com/jnicklas/capybara.git
  revision: a8a4efc
  specs:
    capybara (0.3.9)
      culerity (>= 0.2.4)
      mime-types (>= 1.16)
      nokogiri (>= 1.3.3)
      rack (>= 1.0.0)
      rack-test (>= 0.5.4)
      selenium-webdriver (>= 0.0.3)
    capybara (0.3.9)
      culerity (>= 0.2.4)
      mime-types (>= 1.16)
      nokogiri (>= 1.3.3)
      rack (>= 1.0.0)
      rack-test (>= 0.5.4)
      selenium-webdriver (>= 0.0.3)

GIT
  remote: git://github.com/jnicklas/carrierwave.git
  revision: d5a4088
  specs:
    carrierwave (0.4.4)
    carrierwave (0.4.4)

GIT
  remote: git://github.com/kpumuk/meta-tags.git
  revision: 2fe2498
  specs:
    meta-tags (1.2.3)
    meta-tags (1.2.3)

GIT
  remote: git://github.com/plataformatec/devise
  revision: bd0e2a3
  specs:
    devise (1.1.0)
      bcrypt-ruby (~> 2.1.2)
      warden (~> 0.10.7)
    devise (1.1.0)
      bcrypt-ruby (~> 2.1.2)
      warden (~> 0.10.7)

GIT
  remote: git://github.com/rails/rails.git
  revision: 64c75d6
  specs:
    actionmailer (3.0.0.beta4)
      actionpack (= 3.0.0.beta4)
      mail (~> 2.2.3)
    actionmailer (3.0.0.beta4)
      actionpack (= 3.0.0.beta4)
      mail (~> 2.2.3)
    actionpack (3.0.0.beta4)
      activemodel (= 3.0.0.beta4)
      activesupport (= 3.0.0.beta4)
      builder (~> 2.1.2)
      erubis (~> 2.6.6)
      i18n (~> 0.4.1)
      rack (~> 1.2.1)
      rack-test (~> 0.5.4)
      tzinfo (~> 0.3.16)
    actionpack (3.0.0.beta4)
      activemodel (= 3.0.0.beta4)
      activesupport (= 3.0.0.beta4)
      builder (~> 2.1.2)
      erubis (~> 2.6.6)
      i18n (~> 0.4.1)
      rack (~> 1.2.1)
      rack-test (~> 0.5.4)
      tzinfo (~> 0.3.16)
    activemodel (3.0.0.beta4)
      activesupport (= 3.0.0.beta4)
      builder (~> 2.1.2)
      i18n (~> 0.4.1)
    activemodel (3.0.0.beta4)
      activesupport (= 3.0.0.beta4)
      builder (~> 2.1.2)
      i18n (~> 0.4.1)
    activerecord (3.0.0.beta4)
      activemodel (= 3.0.0.beta4)
      activesupport (= 3.0.0.beta4)
      arel (~> 0.4.0)
      tzinfo (~> 0.3.16)
    activerecord (3.0.0.beta4)
      activemodel (= 3.0.0.beta4)
      activesupport (= 3.0.0.beta4)
      arel (~> 0.4.0)
      tzinfo (~> 0.3.16)
    activeresource (3.0.0.beta4)
      activemodel (= 3.0.0.beta4)
      activesupport (= 3.0.0.beta4)
    activeresource (3.0.0.beta4)
      activemodel (= 3.0.0.beta4)
      activesupport (= 3.0.0.beta4)
    activesupport (3.0.0.beta4)
    activesupport (3.0.0.beta4)
    rails (3.0.0.beta4)
      actionmailer (= 3.0.0.beta4)
      actionpack (= 3.0.0.beta4)
      activerecord (= 3.0.0.beta4)
      activeresource (= 3.0.0.beta4)
      activesupport (= 3.0.0.beta4)
      bundler (>= 1.0.0.beta.2)
      railties (= 3.0.0.beta4)
    rails (3.0.0.beta4)
      actionmailer (= 3.0.0.beta4)
      actionpack (= 3.0.0.beta4)
      activerecord (= 3.0.0.beta4)
      activeresource (= 3.0.0.beta4)
      activesupport (= 3.0.0.beta4)
      bundler (>= 1.0.0.beta.2)
      railties (= 3.0.0.beta4)
    railties (3.0.0.beta4)
      actionpack (= 3.0.0.beta4)
      activesupport (= 3.0.0.beta4)
      rake (>= 0.8.3)
      thor (~> 0.13.7)
    railties (3.0.0.beta4)
      actionpack (= 3.0.0.beta4)
      activesupport (= 3.0.0.beta4)
      rake (>= 0.8.3)
      thor (~> 0.13.7)

GIT
  remote: git://github.com/rspec/rspec-core.git
  revision: 4e796d6
  specs:
    rspec-core (2.0.0.beta.16)
    rspec-core (2.0.0.beta.16)

GIT
  remote: git://github.com/rspec/rspec-expectations.git
  revision: f492095
  specs:
    rspec-expectations (2.0.0.beta.16)
      diff-lcs (>= 1.1.2)
    rspec-expectations (2.0.0.beta.16)
      diff-lcs (>= 1.1.2)

GIT
  remote: git://github.com/rspec/rspec-mocks.git
  revision: f26af00
  specs:
    rspec-mocks (2.0.0.beta.16)
    rspec-mocks (2.0.0.beta.16)

GIT
  remote: git://github.com/rspec/rspec-rails.git
  revision: 47eac9f
  specs:
    rspec-rails (2.0.0.beta.16)
      rspec (>= 2.0.0.beta.14)
      webrat (>= 0.7.0)
    rspec-rails (2.0.0.beta.16)
      rspec (>= 2.0.0.beta.14)
      webrat (>= 0.7.0)

GIT
  remote: git://github.com/rspec/rspec.git
  revision: bf45b19
  specs:
    rspec (2.0.0.beta.16)
      rspec-core (= 2.0.0.beta.16)
      rspec-expectations (= 2.0.0.beta.16)
      rspec-mocks (= 2.0.0.beta.16)
    rspec (2.0.0.beta.16)
      rspec-core (= 2.0.0.beta.16)
      rspec-expectations (= 2.0.0.beta.16)
      rspec-mocks (= 2.0.0.beta.16)

GIT
  remote: http://github.com/aslakhellesoy/cucumber-rails.git
  revision: 0fe7e4f
  specs:
    cucumber-rails (0.3.2)
      cucumber (>= 0.8.0)
    cucumber-rails (0.3.2)
      cucumber (>= 0.8.0)

GIT
  remote: http://github.com/bmabey/database_cleaner.git
  revision: 7ea99d7
  specs:
    database_cleaner (0.5.2)
    database_cleaner (0.5.2)

GIT
  remote: http://github.com/nmerouze/mongo_session_store.git
  revision: 77238b6
  specs:
    mongo_session_store (2.0.0.pre)
      actionpack (~> 3.0)
    mongo_session_store (2.0.0.pre)
      actionpack (~> 3.0)

GIT
  remote: http://github.com/twoixter/trackoid.git
  revision: a3e67d8
  specs:
    trackoid (0.1.3)
    trackoid (0.1.3)

GEM
  remote: http://gemcutter.org/
  specs:
    abstract (1.0.0)
    abstract (1.0.0)
    arel (0.4.0)
      activesupport (>= 3.0.0.beta)
    arel (0.4.0)
      activesupport (>= 3.0.0.beta)
    bcrypt-ruby (2.1.2)
    bcrypt-ruby (2.1.2)
    beanstalk-client (1.0.2)
    beanstalk-client (1.0.2)
    bson (1.0.3)
    bson (1.0.3)
    bson_ext (1.0.1)
    bson_ext (1.0.1)
    builder (2.1.2)
    builder (2.1.2)
    configuration (1.1.0)
    configuration (1.1.0)
    cucumber (0.8.3)
      builder (~> 2.1.2)
      diff-lcs (~> 1.1.2)
      gherkin (~> 2.0.2)
      json_pure (~> 1.4.3)
      term-ansicolor (~> 1.0.4)
    cucumber (0.8.3)
      builder (~> 2.1.2)
      diff-lcs (~> 1.1.2)
      gherkin (~> 2.0.2)
      json_pure (~> 1.4.3)
      term-ansicolor (~> 1.0.4)
    culerity (0.2.10)
    culerity (0.2.10)
    diff-lcs (1.1.2)
    diff-lcs (1.1.2)
    erubis (2.6.6)
      abstract (>= 1.0.0)
    erubis (2.6.6)
      abstract (>= 1.0.0)
    ffi (0.6.3)
      rake (>= 0.8.7)
    ffi (0.6.3)
      rake (>= 0.8.7)
    gherkin (2.0.2)
      trollop (~> 1.16.2)
    gherkin (2.0.2)
      trollop (~> 1.16.2)
    i18n (0.4.1)
    i18n (0.4.1)
    json_pure (1.4.3)
    json_pure (1.4.3)
    launchy (0.3.5)
      configuration (>= 0.0.5)
      rake (>= 0.8.1)
    launchy (0.3.5)
      configuration (>= 0.0.5)
      rake (>= 0.8.1)
    machinist (1.0.6)
    machinist (1.0.6)
    machinist_mongo (1.1.0)
      machinist (~> 1.0.4)
    machinist_mongo (1.1.0)
      machinist (~> 1.0.4)
    mail (2.2.5)
      activesupport (>= 2.3.6)
      mime-types
      treetop (>= 1.4.5)
    mail (2.2.5)
      activesupport (>= 2.3.6)
      mime-types
      treetop (>= 1.4.5)
    mime-types (1.16)
    mime-types (1.16)
    mongo (1.0.3)
      bson (= 1.0.3)
    mongo (1.0.3)
      bson (= 1.0.3)
    mongo_ext (0.19.3)
    mongo_ext (0.19.3)
    nifty-generators (0.4.0)
    nifty-generators (0.4.0)
    nokogiri (1.4.2)
    nokogiri (1.4.2)
    polyglot (0.3.1)
    polyglot (0.3.1)
    rack (1.2.1)
    rack (1.2.1)
    rack-test (0.5.4)
      rack (>= 1.0)
    rack-test (0.5.4)
      rack (>= 1.0)
    rake (0.8.7)
    rake (0.8.7)
    selenium-webdriver (0.0.24)
      ffi (>= 0.6.1)
      json_pure
    selenium-webdriver (0.0.24)
      ffi (>= 0.6.1)
      json_pure
    ssl_requirement (0.1.0)
    ssl_requirement (0.1.0)
    stalker (0.3.0)
      beanstalk-client
      json_pure
    stalker (0.3.0)
      beanstalk-client
      json_pure
    term-ansicolor (1.0.5)
    term-ansicolor (1.0.5)
    test-unit (2.0.9)
    test-unit (2.0.9)
    thor (0.13.7)
    thor (0.13.7)
    treetop (1.4.8)
      polyglot (>= 0.3.1)
    treetop (1.4.8)
      polyglot (>= 0.3.1)
    trollop (1.16.2)
    trollop (1.16.2)
    tzinfo (0.3.22)
    tzinfo (0.3.22)
    warden (0.10.7)
      rack (>= 1.0.0)
    warden (0.10.7)
      rack (>= 1.0.0)
    webrat (0.7.1)
      nokogiri (>= 1.2.0)
      rack (>= 1.0)
      rack-test (>= 0.5.3)
    webrat (0.7.1)
      nokogiri (>= 1.2.0)
      rack (>= 1.0)
      rack-test (>= 0.5.3)
    will_paginate (3.0.pre)
    will_paginate (3.0.pre)

PLATFORMS
  ruby

DEPENDENCIES
  bson_ext
  capybara!
  carrierwave!
  cucumber-rails!
  database_cleaner!
  devise!
  launchy
  machinist_mongo
  meta-tags!
  mongo
  mongo_ext
  mongo_session_store!
  mongoid!
  nifty-generators
  rails!
  rspec!
  rspec-core!
  rspec-expectations!
  rspec-mocks!
  rspec-rails!
  sitemap_generator!
  ssl_requirement
  stalker
  test-unit
  trackoid!
  warden
