GIT
  remote: git://github.com/kpumuk/meta-tags.git
  revision: d7a437c64018549216f54e65394292a6b4867df5
  specs:
    meta-tags (1.2.4)
      actionpack

GIT
  remote: git://github.com/rack/rack.git
  revision: c16729ddc2a0576818db2e8c20ca6550d9d2cdad
  specs:
    rack (1.3.0.beta)

GIT
  remote: git://github.com/rails/rails.git
  revision: 67c3469e6ff1b63b091594d6dba7f871023df553
  specs:
    actionmailer (3.1.0.beta1)
      actionpack (= 3.1.0.beta1)
      mail (~> 2.3.0)
    actionpack (3.1.0.beta1)
      activemodel (= 3.1.0.beta1)
      activesupport (= 3.1.0.beta1)
      builder (~> 3.0.0)
      erubis (~> 2.7.0)
      i18n (~> 0.6.0beta1)
      rack (~> 1.3.0.beta)
      rack-cache (~> 1.0.1)
      rack-mount (~> 0.7.2)
      rack-test (~> 0.6.0)
      sprockets (~> 2.0.0.beta.2)
      tzinfo (~> 0.3.27)
    activemodel (3.1.0.beta1)
      activesupport (= 3.1.0.beta1)
      bcrypt-ruby (~> 2.1.4)
      builder (~> 3.0.0)
      i18n (~> 0.6.0beta1)
    activerecord (3.1.0.beta1)
      activemodel (= 3.1.0.beta1)
      activesupport (= 3.1.0.beta1)
      arel (~> 2.1.0)
      tzinfo (~> 0.3.27)
    activeresource (3.1.0.beta1)
      activemodel (= 3.1.0.beta1)
      activesupport (= 3.1.0.beta1)
    activesupport (3.1.0.beta1)
      multi_json (~> 1.0)
    rails (3.1.0.beta1)
      actionmailer (= 3.1.0.beta1)
      actionpack (= 3.1.0.beta1)
      activerecord (= 3.1.0.beta1)
      activeresource (= 3.1.0.beta1)
      activesupport (= 3.1.0.beta1)
      bundler (~> 1.0)
      railties (= 3.1.0.beta1)
    railties (3.1.0.beta1)
      actionpack (= 3.1.0.beta1)
      activesupport (= 3.1.0.beta1)
      rack-ssl (~> 1.3.2)
      rake (>= 0.8.7)
      thor (~> 0.14.6)

GIT
  remote: https://github.com/intridea/omniauth.git
  revision: 202064265b48175c6d4d7836b549e40d73ccad79
  specs:
    oa-core (0.2.5)
    oa-oauth (0.2.5)
      faraday (~> 0.6.1)
      multi_json (~> 1.0.0)
      multi_xml (~> 0.2.2)
      oa-core (= 0.2.5)
      oauth (~> 0.4.0)
      oauth2 (~> 0.4.1)

GIT
  remote: https://github.com/kristianmandrup/mongoid-geo.git
  revision: d0c7e0f1f24d4e989660adad9c766a8476e15be2
  specs:
    mongoid_geo (0.4.3)
      activesupport (>= 3.0.4)
      bson (>= 1.3)
      hashie (>= 0.4.0)
      mongoid (>= 2.0.1)

GIT
  remote: https://github.com/mongoid/mongoid.git
  revision: a12adaff0644e5ac060f89d16bc673cf917c3462
  specs:
    mongoid (2.0.1)
      activemodel (~> 3.0)
      mongo (~> 1.3)
      tzinfo (~> 0.3.22)

GEM
  remote: http://gemcutter.org/
  specs:
    addressable (2.2.5)
    agnostic-will_paginate (3.0.0)
    arel (2.1.0)
    arrayfields (4.7.4)
    bcrypt-ruby (2.1.4)
    bson (1.3.0)
    bson_ext (1.3.0)
    builder (3.0.0)
    capybara (0.4.1.2)
      celerity (>= 0.7.9)
      culerity (>= 0.2.4)
      mime-types (>= 1.16)
      nokogiri (>= 1.3.3)
      rack (>= 1.0.0)
      rack-test (>= 0.5.4)
      selenium-webdriver (>= 0.0.27)
      xpath (~> 0.1.3)
    carrierwave (0.5.3)
      activesupport (~> 3.0)
    celerity (0.8.9)
    childprocess (0.1.8)
      ffi (~> 1.0.6)
    chronic (0.3.0)
    crack (0.1.8)
    cucumber (0.10.2)
      builder (>= 2.1.2)
      diff-lcs (>= 1.1.2)
      gherkin (>= 2.3.5)
      json (>= 1.4.6)
      term-ansicolor (>= 1.0.5)
    cucumber-rails (0.4.1)
      cucumber (>= 0.10.1)
      nokogiri (>= 1.4.4)
      rack-test (>= 0.5.7)
    culerity (0.2.15)
    database_cleaner (0.6.7)
    devise (1.3.4)
      bcrypt-ruby (~> 2.1.2)
      orm_adapter (~> 0.0.3)
      warden (~> 1.0.3)
    diff-lcs (1.1.2)
    dynamic_form (1.1.4)
    easy_diff (0.0.1)
    erubis (2.7.0)
    faraday (0.6.1)
      addressable (~> 2.2.4)
      multipart-post (~> 1.1.0)
      rack (>= 1.1.0, < 2)
    faraday_middleware (0.6.3)
      faraday (~> 0.6.0)
    fast-stemmer (1.0.0)
    fattr (2.2.0)
    ffi (1.0.7)
      rake (>= 0.8.7)
    geo-distance (0.1.2)
    geo_magic (0.2.4.3)
      geo-distance (>= 0.1.0)
      geo-distance (>= 0.1.0)
      httparty (>= 0.6.0)
      httparty (>= 0.6.0)
    gherkin (2.3.7)
      json (>= 1.4.6)
    hashie (1.0.0)
    hike (1.0.0)
    hitimes (1.1.1)
    httparty (0.7.7)
      crack (= 0.1.8)
    i18n (0.6.0beta1)
    json (1.5.1)
    json_pure (1.5.1)
    kaminari (0.12.4)
      rails (>= 3.0.0)
    koala (1.0.0)
      json (~> 1.0)
      multipart-post (~> 1.0)
    little-plugger (1.1.2)
    logging (1.5.0)
      little-plugger (>= 1.1.2)
    mail (2.3.0)
      i18n (>= 0.4.0)
      mime-types (~> 1.16)
      treetop (~> 1.4.8)
    main (4.4.0)
      arrayfields (>= 4.7.4)
      fattr (>= 2.1.0)
    memcache-client (1.8.5)
    mime-types (1.16)
    mongo (1.3.0)
      bson (>= 1.3.0)
    mongo_ext (0.19.3)
    mongo_rack (0.0.5)
      mongo (>= 0.18.2)
      mongo_ext (>= 0.18.2)
      rack (>= 1.0.1)
    mongoid-history (0.0.9)
      easy_diff
      mongoid (~> 2.0.0.rc.7)
    mongoid-tree (0.6.0)
      mongoid (~> 2.0.0)
    mongoid_adjust (0.1.1)
      bson (>= 1.0.3)
      mongoid (>= 2.0.0.beta.14)
    mongoid_search (0.2.4)
      bson_ext (~> 1.2)
      fast-stemmer (~> 1.0.0)
      mongoid (~> 2.0.0)
    mongoid_voteable (0.1.1)
      activesupport (>= 3.0.0.rc)
      mongoid (>= 2.0.0.beta.16)
    multi_json (1.0.1)
    multi_xml (0.2.2)
    multipart-post (1.1.0)
    mustache (0.99.3)
    nokogiri (1.4.4)
    oauth (0.4.4)
    oauth2 (0.4.1)
      faraday (~> 0.6.1)
      multi_json (>= 0.0.5)
    orm_adapter (0.0.4)
    polyglot (0.3.1)
    private_pub (0.2.0)
    rack-cache (1.0.1)
      rack (>= 0.4)
    rack-mount (0.7.2)
      rack (>= 1.0.0)
    rack-ssl (1.3.2)
      rack
    rack-test (0.6.0)
      rack (>= 1.0)
    rackamole (0.4.0)
      bson (>= 1.0.1)
      bson_ext (>= 1.0.1)
      chronic (>= 0.2.3)
      erubis (>= 2.6.0)
      hitimes (>= 1.0.3)
      logging (>= 1.2.2)
      mail (>= 2.1.3)
      mongo (>= 1.0.1)
      ruby-growl (>= 2.0)
      twitter4r (>= 0.3.0)
    rake (0.8.7)
    rash (0.3.0)
      hashie (~> 1.0.0)
    redis (2.2.0)
    redis-namespace (0.7.0)
      redis (< 3.0.0)
    remail (0.0.3)
      activeresource
    resque (1.9.8)
      json (>= 1.1.0)
      redis-namespace (~> 0.7.0)
      sinatra (>= 0.9.2)
      vegas (~> 0.1.2)
    resque_mailer (1.0.1)
    rmagick (2.13.1)
    robotwitter (0.1.1)
      sqlite3
      twitter
    rspec (2.5.0)
      rspec-core (~> 2.5.0)
      rspec-expectations (~> 2.5.0)
      rspec-mocks (~> 2.5.0)
    rspec-core (2.5.2)
    rspec-expectations (2.5.0)
      diff-lcs (~> 1.1.2)
    rspec-mocks (2.5.0)
    rspec-rails (2.5.0)
      actionpack (~> 3.0)
      activesupport (~> 3.0)
      railties (~> 3.0)
      rspec (~> 2.5.0)
    ruby-growl (3.0)
    rubyzip (0.9.4)
    selenium-webdriver (0.2.0)
      childprocess (>= 0.1.7)
      ffi (>= 1.0.7)
      json_pure
      rubyzip
    simple_form (1.3.1)
    simple_oauth (0.1.5)
    sinatra (1.2.6)
      rack (~> 1.1)
      tilt (< 2.0, >= 1.2.2)
    sitemap_generator (1.5.2)
    sprockets (2.0.0.beta.2)
      hike (~> 1.0)
      rack (~> 1.0)
      tilt (~> 1.0)
    sqlite3 (1.3.3)
    ssl_requirement (0.1.0)
    streama (0.1.5)
      bson_ext (~> 1.2)
      mongoid (~> 2.0.0.rc)
      will_paginate (~> 3.0.pre2)
    term-ansicolor (1.0.5)
    thor (0.14.6)
    tilt (1.3)
    trackoid (0.3.6)
    treetop (1.4.9)
      polyglot (>= 0.3.1)
    tweet-button (0.1.0)
    twitter (1.4.1)
      faraday (~> 0.6.1)
      faraday_middleware (~> 0.6.3)
      hashie (~> 1.0.0)
      multi_json (~> 1.0.0)
      multi_xml (~> 0.2.0)
      rash (~> 0.3.0)
      simple_oauth (~> 0.1.4)
    twitter4r (0.6.0)
      json (>= 1.1.1)
      oauth (>= 0.4.1)
    tzinfo (0.3.27)
    vegas (0.1.8)
      rack (>= 1.0.0)
    voteable_mongoid (0.7.6)
      mongoid (~> 2.0.0)
    wackamole (0.1.4)
      agnostic-will_paginate (>= 3.0.0)
      bson (>= 1.0.1)
      bson_ext (>= 1.0.1)
      main (>= 4.2.0)
      memcache-client (>= 1.5.0)
      mongo (>= 1.0.1)
      mongo_rack (>= 0.0.3)
      rack (>= 1.1.0)
      rackamole (>= 0.0.3)
      sinatra (>= 1.0)
    warden (1.0.4)
      rack (>= 1.0)
    will_paginate (3.0.pre2)
    xpath (0.1.4)
      nokogiri (~> 1.3)

PLATFORMS
  ruby

DEPENDENCIES
  capybara
  carrierwave
  cucumber-rails
  database_cleaner
  devise
  dynamic_form
  geo_magic
  kaminari
  koala
  meta-tags!
  mongoid!
  mongoid-history
  mongoid-tree
  mongoid_adjust
  mongoid_geo!
  mongoid_search
  mongoid_voteable
  mustache
  oa-oauth!
  private_pub
  rack!
  rackamole
  rails!
  remail
  resque
  resque_mailer
  rmagick
  robotwitter
  rspec
  rspec-core
  rspec-expectations
  rspec-mocks
  rspec-rails
  simple_form
  sitemap_generator
  ssl_requirement
  streama
  trackoid
  tweet-button
  twitter
  voteable_mongoid
  wackamole
  warden
