GIT
  remote: git://github.com/aslakhellesoy/cucumber.git
  revision: b78b20465113b749901ed8136dd788ba2ff5e50d
  specs:
    cucumber (0.9.3)
      builder (~> 2.1.2)
      diff-lcs (~> 1.1.2)
      gherkin (~> 2.2.9)
      json (~> 1.4.6)
      term-ansicolor (~> 1.0.5)

GIT
  remote: git://github.com/jnicklas/carrierwave.git
  revision: 470b365c354b87e80fd250aeb4ca6fe8d5b7cdeb
  specs:
    carrierwave (0.5.0)
      activesupport (~> 3.0)

GIT
  remote: git://github.com/kpumuk/meta-tags.git
  revision: bc239194c89dc1bc2974ea394207f0dab73308a3
  specs:
    meta-tags (1.2.3)

GIT
  remote: git://github.com/mongoid/mongoid.git
  revision: 8e8c4ec26e5382d1e0c19f9dfe389099220a7b17
  specs:
    mongoid (2.0.0.beta.19)
      activemodel (~> 3.0)
      mongo (~> 1.1)
      tzinfo (~> 0.3.22)
      will_paginate (~> 3.0.pre)

GIT
  remote: git://github.com/plataformatec/devise
  revision: bca72ddf59ee1f26a2d12427272990d84ee69a3a
  specs:
    devise (1.2.rc)
      bcrypt-ruby (~> 2.1.2)
      orm_adapter (~> 0.0.2)
      warden (~> 1.0.0)

GIT
  remote: git://github.com/rspec/rspec-core.git
  revision: 4a4410e684f960c5316f33e72685dc5e0d5b0c36
  specs:
    rspec-core (2.1.0.pre)

GIT
  remote: git://github.com/rspec/rspec-expectations.git
  revision: c9a303300706f559f6c865aa9c0b512fc4234095
  specs:
    rspec-expectations (2.1.0.pre)
      diff-lcs (~> 1.1.2)

GIT
  remote: git://github.com/rspec/rspec-mocks.git
  revision: 60846584e835239b463bcbbc97c983b33c45e74b
  specs:
    rspec-mocks (2.1.0.pre)

GIT
  remote: git://github.com/rspec/rspec-rails.git
  revision: 49c87d5f0a1186a87e22d8b23d9bbb6e407546fd
  specs:
    rspec-rails (2.1.0.pre)
      rspec (= 2.1.0.pre)

GIT
  remote: git://github.com/rspec/rspec.git
  revision: 4f292805110f55defded1838d5b59aa56c94ff0b
  specs:
    rspec (2.1.0.pre)
      rspec-core (= 2.1.0.pre)
      rspec-expectations (= 2.1.0.pre)
      rspec-mocks (= 2.1.0.pre)

GIT
  remote: http://github.com/bmabey/database_cleaner.git
  revision: 7ae276d327354940cc70158f4d34d5e38559f459
  specs:
    database_cleaner (0.6.0)

GIT
  remote: http://github.com/ryanfitz/mongoid_session_store.git
  revision: 8d6c8f2df0c246a40d205e4eb5ad7bac72f4ec42
  specs:
    mongoid_session_store (1.1.0)
      actionpack (~> 3.0.0)
      mongoid (>= 2.0.0.beta.16)

GIT
  remote: http://github.com/twoixter/trackoid.git
  revision: a96d3286d176e9b630c576021bcfa2fedb80a3dc
  specs:
    trackoid (0.1.10)

GEM
  remote: http://gemcutter.org/
  specs:
    abstract (1.0.0)
    actionmailer (3.0.0)
      actionpack (= 3.0.0)
      mail (~> 2.2.5)
    actionpack (3.0.0)
      activemodel (= 3.0.0)
      activesupport (= 3.0.0)
      builder (~> 2.1.2)
      erubis (~> 2.6.6)
      i18n (~> 0.4.1)
      rack (~> 1.2.1)
      rack-mount (~> 0.6.12)
      rack-test (~> 0.5.4)
      tzinfo (~> 0.3.23)
    activemodel (3.0.0)
      activesupport (= 3.0.0)
      builder (~> 2.1.2)
      i18n (~> 0.4.1)
    activerecord (3.0.0)
      activemodel (= 3.0.0)
      activesupport (= 3.0.0)
      arel (~> 1.0.0)
      tzinfo (~> 0.3.23)
    activeresource (3.0.0)
      activemodel (= 3.0.0)
      activesupport (= 3.0.0)
    activesupport (3.0.0)
    agnostic-will_paginate (3.0.0)
    arel (1.0.1)
      activesupport (~> 3.0.0)
    arrayfields (4.7.4)
    autotest (4.4.1)
    bcrypt-ruby (2.1.2)
    bson (1.1.1)
    bson_ext (1.1.1)
    builder (2.1.2)
    capybara (0.4.0)
      celerity (>= 0.7.9)
      culerity (>= 0.2.4)
      mime-types (>= 1.16)
      nokogiri (>= 1.3.3)
      rack (>= 1.0.0)
      rack-test (>= 0.5.4)
      selenium-webdriver (>= 0.0.27)
      xpath (~> 0.1.2)
    celerity (0.8.2)
    childprocess (0.1.3)
      ffi (~> 0.6.3)
    chronic (0.3.0)
    configuration (1.1.0)
    cucumber-rails (0.3.2)
      cucumber (>= 0.8.0)
    culerity (0.2.12)
    diff-lcs (1.1.2)
    erubis (2.6.6)
      abstract (>= 1.0.0)
    faker (0.3.1)
    fattr (2.1.0)
    ffi (0.6.3)
      rake (>= 0.8.7)
    gherkin (2.2.9)
      json (~> 1.4.6)
      term-ansicolor (~> 1.0.5)
    hitimes (1.1.1)
    i18n (0.4.1)
    json (1.4.6)
    json_pure (1.4.6)
    launchy (0.3.7)
      configuration (>= 0.0.5)
      rake (>= 0.8.1)
    little-plugger (1.1.2)
    logging (1.4.3)
      little-plugger (>= 1.1.2)
    machinist (1.0.6)
    machinist_mongo (1.1.1)
      machinist (~> 1.0.4)
    mail (2.2.7)
      activesupport (>= 2.3.6)
      mime-types
      treetop (>= 1.4.5)
    main (4.2.0)
      arrayfields (>= 4.7.4)
      fattr (>= 2.1.0)
    memcache-client (1.8.5)
    mime-types (1.16)
    mongo (1.1.1)
      bson (>= 1.1.1)
    mongo_ext (0.19.3)
    mongo_rack (0.0.5)
      mongo (>= 0.18.2)
      mongo_ext (>= 0.18.2)
      rack (>= 1.0.1)
    nokogiri (1.4.3.1)
    oauth (0.4.3)
    orm_adapter (0.0.3)
    polyglot (0.3.1)
    rack (1.2.1)
    rack-linkify (0.0.2)
      rack-plastic (>= 0.1.1)
    rack-mount (0.6.13)
      rack (>= 1.0.0)
    rack-plastic (0.1.1)
      nokogiri (>= 1.4.0)
      rack (>= 1.0.0)
    rack-test (0.5.6)
      rack (>= 1.0)
    rackamole (0.4.0)
      bson (>= 1.0.1)
      bson_ext (>= 1.0.1)
      chronic (>= 0.2.3)
      erubis (>= 2.6.0)
      hitimes (>= 1.0.3)
      logging (>= 1.2.2)
      mail (>= 2.1.3)
      mongo (>= 1.0.1)
      ruby-growl (>= 2.0)
      twitter4r (>= 0.3.0)
    rails (3.0.0)
      actionmailer (= 3.0.0)
      actionpack (= 3.0.0)
      activerecord (= 3.0.0)
      activeresource (= 3.0.0)
      activesupport (= 3.0.0)
      bundler (~> 1.0.0)
      railties (= 3.0.0)
    railties (3.0.0)
      actionpack (= 3.0.0)
      activesupport (= 3.0.0)
      rake (>= 0.8.4)
      thor (~> 0.14.0)
    rake (0.8.7)
    redis (2.0.11)
    redis-namespace (0.8.0)
      redis (< 3.0.0)
    resque (1.10.0)
      json (~> 1.4.6)
      redis-namespace (~> 0.8.0)
      sinatra (>= 0.9.2)
      vegas (~> 0.1.2)
    resque_mailer (1.0.0)
    rmagick (2.13.1)
    ruby-growl (3.0)
    rubyzip (0.9.4)
    selenium-webdriver (0.0.29)
      childprocess (>= 0.0.7)
      ffi (~> 0.6.3)
      json_pure
      rubyzip
    sinatra (1.1.0)
      rack (~> 1.1)
      tilt (~> 1.1)
    ssl_requirement (0.1.0)
    term-ansicolor (1.0.5)
    thor (0.14.3)
    tilt (1.1)
    treetop (1.4.8)
      polyglot (>= 0.3.1)
    twitter4r (0.5.3)
      json (>= 1.1.1)
      oauth (>= 0.4.1)
    tzinfo (0.3.23)
    vegas (0.1.8)
      rack (>= 1.0.0)
    wackamole (0.1.4)
      agnostic-will_paginate (>= 3.0.0)
      bson (>= 1.0.1)
      bson_ext (>= 1.0.1)
      main (>= 4.2.0)
      memcache-client (>= 1.5.0)
      mongo (>= 1.0.1)
      mongo_rack (>= 0.0.3)
      rack (>= 1.1.0)
      rackamole (>= 0.0.3)
      sinatra (>= 1.0)
    warden (1.0.1)
      rack (>= 1.0.0)
    will_paginate (3.0.pre2)
    xpath (0.1.2)
      nokogiri (~> 1.3)

PLATFORMS
  ruby

DEPENDENCIES
  autotest
  bson_ext
  capybara
  carrierwave!
  cucumber!
  cucumber-rails
  database_cleaner!
  devise!
  faker
  launchy
  machinist_mongo
  memcache-client
  meta-tags!
  mongo
  mongo_ext
  mongoid!
  mongoid_session_store!
  rack-linkify
  rackamole
  rails (= 3.0)
  resque
  resque_mailer
  rmagick
  rspec!
  rspec-core!
  rspec-expectations!
  rspec-mocks!
  rspec-rails!
  ssl_requirement
  trackoid!
  wackamole
  warden
  will_paginate (= 3.0.pre2)
