GIT
  remote: git://github.com/kpumuk/meta-tags.git
  revision: bc239194c89dc1bc2974ea394207f0dab73308a3
  specs:
    meta-tags (1.2.3)

GIT
  remote: https://github.com/kristianmandrup/mongoid-geo.git
  revision: a9c26cec34b48c8acbfab17ceced9e420370cdb3
  specs:
    mongoid_geo (0.4.1)
      activesupport (>= 3.0.4)
      bson (>= 1.3)
      hashie (>= 0.4.0)
      mongoid (>= 2.0.1)

GEM
  remote: http://gemcutter.org/
  specs:
    abstract (1.0.0)
    actionmailer (3.0.7)
      actionpack (= 3.0.7)
      mail (~> 2.2.15)
    actionpack (3.0.7)
      activemodel (= 3.0.7)
      activesupport (= 3.0.7)
      builder (~> 2.1.2)
      erubis (~> 2.6.6)
      i18n (~> 0.5.0)
      rack (~> 1.2.1)
      rack-mount (~> 0.6.14)
      rack-test (~> 0.5.7)
      tzinfo (~> 0.3.23)
    activemodel (3.0.7)
      activesupport (= 3.0.7)
      builder (~> 2.1.2)
      i18n (~> 0.5.0)
    activerecord (3.0.7)
      activemodel (= 3.0.7)
      activesupport (= 3.0.7)
      arel (~> 2.0.2)
      tzinfo (~> 0.3.23)
    activeresource (3.0.7)
      activemodel (= 3.0.7)
      activesupport (= 3.0.7)
    activesupport (3.0.7)
    addressable (2.2.5)
    agnostic-will_paginate (3.0.0)
    arel (2.0.9)
    arrayfields (4.7.4)
    bcrypt-ruby (2.1.4)
    bson (1.3.0)
    bson_ext (1.3.0)
    builder (2.1.2)
    capybara (0.4.1.2)
      celerity (>= 0.7.9)
      culerity (>= 0.2.4)
      mime-types (>= 1.16)
      nokogiri (>= 1.3.3)
      rack (>= 1.0.0)
      rack-test (>= 0.5.4)
      selenium-webdriver (>= 0.0.27)
      xpath (~> 0.1.3)
    carrierwave (0.5.3)
      activesupport (~> 3.0)
    celerity (0.8.9)
    childprocess (0.1.8)
      ffi (~> 1.0.6)
    chronic (0.3.0)
    cucumber (0.10.2)
      builder (>= 2.1.2)
      diff-lcs (>= 1.1.2)
      gherkin (>= 2.3.5)
      json (>= 1.4.6)
      term-ansicolor (>= 1.0.5)
    cucumber-rails (0.4.1)
      cucumber (>= 0.10.1)
      nokogiri (>= 1.4.4)
      rack-test (>= 0.5.7)
    culerity (0.2.15)
    database_cleaner (0.6.7)
    devise (1.3.1)
      bcrypt-ruby (~> 2.1.2)
      orm_adapter (~> 0.0.3)
      warden (~> 1.0.3)
    diff-lcs (1.1.2)
    dynamic_form (1.1.4)
    easy_diff (0.0.1)
    erubis (2.6.6)
      abstract (>= 1.0.0)
    faraday (0.6.1)
      addressable (~> 2.2.4)
      multipart-post (~> 1.1.0)
      rack (>= 1.1.0, < 2)
    faraday_middleware (0.6.3)
      faraday (~> 0.6.0)
    fast-stemmer (1.0.0)
    fattr (2.2.0)
    ffi (1.0.7)
      rake (>= 0.8.7)
    gherkin (2.3.6)
      json (>= 1.4.6)
    hashie (1.0.0)
    hitimes (1.1.1)
    i18n (0.5.0)
    json (1.5.1)
    json_pure (1.5.1)
    kaminari (0.12.0)
      rails (>= 3.0.0)
    koala (0.10.0)
      json (>= 1.0)
    little-plugger (1.1.2)
    logging (1.5.0)
      little-plugger (>= 1.1.2)
    mail (2.2.17)
      activesupport (>= 2.3.6)
      i18n (>= 0.4.0)
      mime-types (~> 1.16)
      treetop (~> 1.4.8)
    main (4.4.0)
      arrayfields (>= 4.7.4)
      fattr (>= 2.1.0)
    memcache-client (1.8.5)
    mime-types (1.16)
    mongo (1.3.0)
      bson (>= 1.3.0)
    mongo_ext (0.19.3)
    mongo_rack (0.0.5)
      mongo (>= 0.18.2)
      mongo_ext (>= 0.18.2)
      rack (>= 1.0.1)
    mongoid (2.0.1)
      activemodel (~> 3.0)
      mongo (~> 1.3)
      tzinfo (~> 0.3.22)
      will_paginate (~> 3.0.pre)
    mongoid-history (0.0.9)
      easy_diff
      mongoid (~> 2.0.0.rc.7)
    mongoid-tree (0.6.0)
      mongoid (~> 2.0.0)
    mongoid_adjust (0.1.1)
      bson (>= 1.0.3)
      mongoid (>= 2.0.0.beta.14)
    mongoid_search (0.2.4)
      bson_ext (~> 1.2)
      fast-stemmer (~> 1.0.0)
      mongoid (~> 2.0.0)
    mongoid_voteable (0.1.1)
      activesupport (>= 3.0.0.rc)
      mongoid (>= 2.0.0.beta.16)
    multi_json (0.0.5)
    multi_xml (0.2.2)
    multipart-post (1.1.0)
    mustache (0.99.3)
    nokogiri (1.4.4)
    oa-core (0.2.4)
    oa-oauth (0.2.4)
      faraday (~> 0.6.1)
      multi_json (>= 0.0.5)
      nokogiri (~> 1.4.2)
      oa-core (= 0.2.4)
      oauth (~> 0.4.0)
      oauth2 (~> 0.4.1)
    oauth (0.4.4)
    oauth2 (0.4.1)
      faraday (~> 0.6.1)
      multi_json (>= 0.0.5)
    orm_adapter (0.0.4)
    polyglot (0.3.1)
    private_pub (0.2.0)
    rack (1.2.2)
    rack-bundle (0.2.3)
      nokogiri (>= 1.4.2)
      rack (>= 1.0.0)
    rack-linkify (0.0.2)
      rack-plastic (>= 0.1.1)
    rack-mount (0.6.14)
      rack (>= 1.0.0)
    rack-plastic (0.1.2)
      nokogiri (>= 1.4.0)
      nokogiri (>= 1.4.0)
      rack (>= 1.0.0)
      rack (>= 1.0.0)
    rack-test (0.5.7)
      rack (>= 1.0)
    rackamole (0.4.0)
      bson (>= 1.0.1)
      bson_ext (>= 1.0.1)
      chronic (>= 0.2.3)
      erubis (>= 2.6.0)
      hitimes (>= 1.0.3)
      logging (>= 1.2.2)
      mail (>= 2.1.3)
      mongo (>= 1.0.1)
      ruby-growl (>= 2.0)
      twitter4r (>= 0.3.0)
    rails (3.0.7)
      actionmailer (= 3.0.7)
      actionpack (= 3.0.7)
      activerecord (= 3.0.7)
      activeresource (= 3.0.7)
      activesupport (= 3.0.7)
      bundler (~> 1.0)
      railties (= 3.0.7)
    railties (3.0.7)
      actionpack (= 3.0.7)
      activesupport (= 3.0.7)
      rake (>= 0.8.7)
      thor (~> 0.14.4)
    rake (0.8.7)
    rash (0.3.0)
      hashie (~> 1.0.0)
    redis (2.2.0)
    redis-namespace (0.7.0)
      redis (< 3.0.0)
    remail (0.0.3)
      activeresource
    resque (1.9.8)
      json (>= 1.1.0)
      redis-namespace (~> 0.7.0)
      sinatra (>= 0.9.2)
      vegas (~> 0.1.2)
    resque_mailer (1.0.1)
    rmagick (2.13.1)
    robotwitter (0.1.1)
      sqlite3
      twitter
    rspec (2.5.0)
      rspec-core (~> 2.5.0)
      rspec-expectations (~> 2.5.0)
      rspec-mocks (~> 2.5.0)
    rspec-core (2.5.1)
    rspec-expectations (2.5.0)
      diff-lcs (~> 1.1.2)
    rspec-mocks (2.5.0)
    rspec-rails (2.5.0)
      actionpack (~> 3.0)
      activesupport (~> 3.0)
      railties (~> 3.0)
      rspec (~> 2.5.0)
    ruby-growl (3.0)
    rubyzip (0.9.4)
    selenium-webdriver (0.2.0)
      childprocess (>= 0.1.7)
      ffi (>= 1.0.7)
      json_pure
      rubyzip
    simple_form (1.3.1)
    simple_oauth (0.1.4)
    sinatra (1.2.3)
      rack (~> 1.1)
      tilt (>= 1.2.2, < 2.0)
    sitemap_generator (1.5.2)
    sqlite3 (1.3.3)
    ssl_requirement (0.1.0)
    streama (0.1.5)
      bson_ext (~> 1.2)
      mongoid (~> 2.0.0.rc)
      will_paginate (~> 3.0.pre2)
    term-ansicolor (1.0.5)
    thor (0.14.6)
    tilt (1.2.2)
    trackoid (0.3.4)
    treetop (1.4.9)
      polyglot (>= 0.3.1)
    tweet-button (0.1.0)
    twitter (1.4.0)
      faraday (~> 0.6.1)
      faraday_middleware (~> 0.6.3)
      hashie (~> 1.0.0)
      multi_json (~> 0.0.5)
      multi_xml (~> 0.2.0)
      rash (~> 0.3.0)
      simple_oauth (~> 0.1.4)
    twitter4r (0.6.0)
      json (>= 1.1.1)
      oauth (>= 0.4.1)
    tzinfo (0.3.26)
    vegas (0.1.8)
      rack (>= 1.0.0)
    voteable_mongoid (0.7.2)
      mongoid (~> 2.0.0)
    wackamole (0.1.4)
      agnostic-will_paginate (>= 3.0.0)
      bson (>= 1.0.1)
      bson_ext (>= 1.0.1)
      main (>= 4.2.0)
      memcache-client (>= 1.5.0)
      mongo (>= 1.0.1)
      mongo_rack (>= 0.0.3)
      rack (>= 1.1.0)
      rackamole (>= 0.0.3)
      sinatra (>= 1.0)
    warden (1.0.3)
      rack (>= 1.0.0)
    will_paginate (3.0.pre2)
    xpath (0.1.3)
      nokogiri (~> 1.3)

PLATFORMS
  ruby

DEPENDENCIES
  capybara
  carrierwave
  cucumber-rails
  database_cleaner
  devise (= 1.3.1)
  dynamic_form
  kaminari
  koala
  meta-tags!
  mongoid (= 2.0.1)
  mongoid-history
  mongoid-tree
  mongoid_adjust
  mongoid_geo!
  mongoid_search
  mongoid_voteable
  mustache
  oa-oauth
  private_pub
  rack-bundle
  rack-linkify
  rackamole
  rails (= 3.0.7)
  remail
  resque
  resque_mailer
  rmagick
  robotwitter
  rspec
  rspec-core
  rspec-expectations
  rspec-mocks
  rspec-rails
  simple_form
  sitemap_generator
  ssl_requirement
  streama
  trackoid
  tweet-button
  twitter
  voteable_mongoid
  wackamole
  warden
