GIT
  remote: git://github.com/durran/mongoid.git
  revision: 63a1f47
  specs:
    mongoid (2.0.0.beta.12)
      activemodel (~> 3.0.0.beta)
      bson (~> 1.0.4)
      mongo (~> 1.0.5)
      tzinfo (~> 0.3.22)
      will_paginate (~> 3.0.pre)

GIT
  remote: git://github.com/jnicklas/capybara.git
  revision: c6edcf7
  specs:
    capybara (0.3.9)
      culerity (>= 0.2.4)
      mime-types (>= 1.16)
      nokogiri (>= 1.3.3)
      rack (>= 1.0.0)
      rack-test (>= 0.5.4)
      selenium-webdriver (>= 0.0.3)

GIT
  remote: git://github.com/jnicklas/carrierwave.git
  revision: 52718d0
  specs:
    carrierwave (0.5.0.beta2)
      activesupport (>= 3.0.0.beta4)

GIT
  remote: git://github.com/kpumuk/meta-tags.git
  revision: 2fe2498
  specs:
    meta-tags (1.2.3)

GIT
  remote: git://github.com/plataformatec/devise
  revision: 9d5a5be
  specs:
    devise (1.2.0)
      bcrypt-ruby (~> 2.1.2)
      warden (~> 0.10.7)

GIT
  remote: git://github.com/rails/rails.git
  revision: 5d3e8ee
  specs:
    actionmailer (3.0.0.rc)
      actionpack (= 3.0.0.rc)
      mail (~> 2.2.5)
    actionpack (3.0.0.rc)
      activemodel (= 3.0.0.rc)
      activesupport (= 3.0.0.rc)
      builder (~> 2.1.2)
      erubis (~> 2.6.6)
      i18n (~> 0.4.1)
      rack (~> 1.2.1)
      rack-mount (~> 0.6.9)
      rack-test (~> 0.5.4)
      tzinfo (~> 0.3.22)
    activemodel (3.0.0.rc)
      activesupport (= 3.0.0.rc)
      builder (~> 2.1.2)
      i18n (~> 0.4.1)
    activerecord (3.0.0.rc)
      activemodel (= 3.0.0.rc)
      activesupport (= 3.0.0.rc)
      arel (~> 0.4.0)
      tzinfo (~> 0.3.22)
    activeresource (3.0.0.rc)
      activemodel (= 3.0.0.rc)
      activesupport (= 3.0.0.rc)
    activesupport (3.0.0.rc)
    rails (3.0.0.rc)
      actionmailer (= 3.0.0.rc)
      actionpack (= 3.0.0.rc)
      activerecord (= 3.0.0.rc)
      activeresource (= 3.0.0.rc)
      activesupport (= 3.0.0.rc)
      bundler (>= 1.0.0.rc.1)
      railties (= 3.0.0.rc)
    railties (3.0.0.rc)
      actionpack (= 3.0.0.rc)
      activesupport (= 3.0.0.rc)
      rake (>= 0.8.3)
      thor (~> 0.14.0)

GIT
  remote: git://github.com/rspec/rspec-core.git
  revision: 3c32ce5
  specs:
    rspec-core (2.0.0.beta.19)

GIT
  remote: git://github.com/rspec/rspec-expectations.git
  revision: 62377e2
  specs:
    rspec-expectations (2.0.0.beta.19)
      diff-lcs (>= 1.1.2)

GIT
  remote: git://github.com/rspec/rspec-mocks.git
  revision: 06c7be8
  specs:
    rspec-mocks (2.0.0.beta.19)

GIT
  remote: git://github.com/rspec/rspec-rails.git
  revision: cbf623a
  specs:
    rspec-rails (2.0.0.beta.19)
      rspec (= 2.0.0.beta.19)
      webrat (>= 0.7.2.beta.1)

GIT
  remote: git://github.com/rspec/rspec.git
  revision: d2ef9dd
  specs:
    rspec (2.0.0.beta.19)
      rspec-core (= 2.0.0.beta.19)
      rspec-expectations (= 2.0.0.beta.19)
      rspec-mocks (= 2.0.0.beta.19)

GIT
  remote: http://github.com/aslakhellesoy/cucumber-rails.git
  revision: 0fe7e4f
  specs:
    cucumber-rails (0.3.2)
      cucumber (>= 0.8.0)

GIT
  remote: http://github.com/bmabey/database_cleaner.git
  revision: 7ea99d7
  specs:
    database_cleaner (0.5.2)

GIT
  remote: http://github.com/twoixter/trackoid.git
  revision: a96d328
  specs:
    trackoid (0.1.10)

GEM
  remote: http://gemcutter.org/
  specs:
    abstract (1.0.0)
    arel (0.4.0)
      activesupport (>= 3.0.0.beta)
    bcrypt-ruby (2.1.2)
    beanstalk-client (1.0.2)
    bson (1.0.4)
    bson_ext (1.0.4)
    builder (2.1.2)
    configuration (1.1.0)
    cucumber (0.8.5)
      builder (~> 2.1.2)
      diff-lcs (~> 1.1.2)
      gherkin (~> 2.1.4)
      json_pure (~> 1.4.3)
      term-ansicolor (~> 1.0.4)
    culerity (0.2.10)
    diff-lcs (1.1.2)
    erubis (2.6.6)
      abstract (>= 1.0.0)
    ffi (0.6.3)
      rake (>= 0.8.7)
    gherkin (2.1.5)
      trollop (~> 1.16.2)
    i18n (0.4.1)
    json_pure (1.4.3)
    launchy (0.3.7)
      configuration (>= 0.0.5)
      rake (>= 0.8.1)
    machinist (1.0.6)
    machinist_mongo (1.1.1)
      machinist (~> 1.0.4)
    mail (2.2.5)
      activesupport (>= 2.3.6)
      mime-types
      treetop (>= 1.4.5)
    mime-types (1.16)
    mongo (1.0.6)
      bson (>= 1.0.4)
    mongo_ext (0.19.3)
    nokogiri (1.4.2)
    polyglot (0.3.1)
    rack (1.2.1)
    rack-mount (0.6.9)
      rack (>= 1.0.0)
    rack-test (0.5.4)
      rack (>= 1.0)
    rake (0.8.7)
    rubyzip (0.9.4)
    selenium-webdriver (0.0.27)
      ffi (>= 0.6.1)
      json_pure
      rubyzip
    ssl_requirement (0.1.0)
    stalker (0.3.0)
      beanstalk-client
      json_pure
    term-ansicolor (1.0.5)
    test-unit (2.1.0)
    thor (0.14.0)
    treetop (1.4.8)
      polyglot (>= 0.3.1)
    trollop (1.16.2)
    tzinfo (0.3.22)
    unicorn (1.1.2)
      rack
    warden (0.10.7)
      rack (>= 1.0.0)
    webrat (0.7.2.beta.1)
      nokogiri (>= 1.2.0)
      rack (>= 1.0)
      rack-test (>= 0.5.3)
    will_paginate (3.0.pre)

PLATFORMS
  ruby

DEPENDENCIES
  bson_ext
  capybara!
  carrierwave!
  cucumber-rails!
  database_cleaner!
  devise!
  launchy
  machinist_mongo
  meta-tags!
  mongo
  mongo_ext
  mongoid!
  rails!
  rspec!
  rspec-core!
  rspec-expectations!
  rspec-mocks!
  rspec-rails!
  ssl_requirement
  stalker
  test-unit
  trackoid!
  unicorn
  warden
